GIT
  remote: git://github.com/bendyworks/bwoken.git
  revision: 549e18484737b4bf2b27ef34d1d2346da3d8d4ae
  ref: 549e18484737b4bf2b27ef34d1d2346da3d8d4ae
  specs:
    bwoken (2.1.0.rc.2)
      coffee-script-source
      colorful
      execjs
      json_pure
      rake
      slop

GEM
  remote: https://rubygems.org/
  specs:
    coffee-script-source (1.8.0)
    colorful (0.0.3)
    execjs (2.2.2)
    json_pure (1.8.1)
    rake (10.4.2)
    slop (3.6.0)

PLATFORMS
  ruby

DEPENDENCIES
  bwoken!
